GEM
  remote: https://rubygems.org/
  specs:
    actioncable (6.1.4.6)
      actionpack (= 6.1.4.6)
      activesupport (= 6.1.4.6)
      nio4r (~> 2.0)
      websocket-driver (>= 0.6.1)
    actionmailbox (6.1.4.6)
      actionpack (= 6.1.4.6)
      activejob (= 6.1.4.6)
      activerecord (= 6.1.4.6)
      activestorage (= 6.1.4.6)
      activesupport (= 6.1.4.6)
      mail (>= 2.7.1)
    actionmailer (6.1.4.6)
      actionpack (= 6.1.4.6)
      actionview (= 6.1.4.6)
      activejob (= 6.1.4.6)
      activesupport (= 6.1.4.6)
      mail (~> 2.5, >= 2.5.4)
      rails-dom-testing (~> 2.0)
    actionpack (6.1.4.6)
      actionview (= 6.1.4.6)
      activesupport (= 6.1.4.6)
      rack (~> 2.0, >= 2.0.9)
      rack-test (>= 0.6.3)
      rails-dom-testing (~> 2.0)
      rails-html-sanitizer (~> 1.0, >= 1.2.0)
    actiontext (6.1.4.6)
      actionpack (= 6.1.4.6)
      activerecord (= 6.1.4.6)
      activestorage (= 6.1.4.6)
      activesupport (= 6.1.4.6)
      nokogiri (>= 1.8.5)
    actionview (6.1.4.6)
      activesupport (= 6.1.4.6)
      builder (~> 3.1)
      erubi (~> 1.4)
      rails-dom-testing (~> 2.0)
      rails-html-sanitizer (~> 1.1, >= 1.2.0)
    active_model_serializers (0.10.13)
      actionpack (>= 4.1, < 7.1)
      activemodel (>= 4.1, < 7.1)
      case_transform (>= 0.2)
      jsonapi-renderer (>= 0.1.1.beta1, < 0.3)
    activejob (6.1.4.6)
      activesupport (= 6.1.4.6)
      globalid (>= 0.3.6)
    activemodel (6.1.4.6)
      activesupport (= 6.1.4.6)
    activerecord (6.1.4.6)
      activemodel (= 6.1.4.6)
      activesupport (= 6.1.4.6)
    activestorage (6.1.4.6)
      actionpack (= 6.1.4.6)
      activejob (= 6.1.4.6)
      activerecord (= 6.1.4.6)
      activesupport (= 6.1.4.6)
      marcel (~> 1.0.0)
      mini_mime (>= 1.1.0)
    activesupport (6.1.4.6)
      concurrent-ruby (~> 1.0, >= 1.0.2)
      i18n (>= 1.6, < 2)
      minitest (>= 5.1)
      tzinfo (~> 2.0)
      zeitwerk (~> 2.3)
    acts-as-taggable-on (9.0.1)
      activerecord (>= 6.0, < 7.1)
    addressable (2.8.0)
      public_suffix (>= 2.0.2, < 5.0)
    api-pagination (5.0.0)
    aws-eventstream (1.2.0)
    aws-partitions (1.559.0)
    aws-sdk-core (3.127.0)
      aws-eventstream (~> 1, >= 1.0.2)
      aws-partitions (~> 1, >= 1.525.0)
      aws-sigv4 (~> 1.1)
      jmespath (~> 1.0)
    aws-sdk-kms (1.55.0)
      aws-sdk-core (~> 3, >= 3.127.0)
      aws-sigv4 (~> 1.1)
    aws-sdk-s3 (1.113.0)
      aws-sdk-core (~> 3, >= 3.127.0)
      aws-sdk-kms (~> 1)
      aws-sigv4 (~> 1.4)
    aws-sigv4 (1.4.0)
      aws-eventstream (~> 1, >= 1.0.2)
    azure-storage-blob (2.0.3)
      azure-storage-common (~> 2.0)
      nokogiri (~> 1, >= 1.10.8)
    azure-storage-common (2.0.4)
      faraday (~> 1.0)
      faraday_middleware (~> 1.0, >= 1.0.0.rc1)
      net-http-persistent (~> 4.0)
      nokogiri (~> 1, >= 1.10.8)
    bcrypt (3.1.16)
    bigdecimal (1.3.5)
    bindex (0.8.1)
    buftok (0.2.0)
    builder (3.2.4)
    bullet (7.0.1)
      activesupport (>= 3.0.0)
      uniform_notifier (~> 1.11)
    byebug (11.1.3)
    case_transform (0.2)
      activesupport
    childprocess (4.1.0)
    climate_control (0.2.0)
    coderay (1.1.3)
    coffee-rails (5.0.0)
      coffee-script (>= 2.2.0)
      railties (>= 5.2.0)
    coffee-script (2.4.1)
      coffee-script-source
      execjs
    coffee-script-source (1.12.2)
    concurrent-ruby (1.1.9)
    connection_pool (2.2.5)
    crass (1.0.6)
    database_cleaner (2.0.1)
      database_cleaner-active_record (~> 2.0.0)
    database_cleaner-active_record (2.0.1)
      activerecord (>= 5.a)
      database_cleaner-core (~> 2.0.0)
    database_cleaner-core (2.0.1)
    devise (4.8.1)
      bcrypt (~> 3.0)
      orm_adapter (~> 0.1)
      railties (>= 4.1.0)
      responders
      warden (~> 1.2.3)
    diff-lcs (1.5.0)
    domain_name (0.5.20190701)
      unf (>= 0.0.5, < 1.0.0)
    dotenv (2.7.6)
    dotenv-rails (2.7.6)
      dotenv (= 2.7.6)
      railties (>= 3.2)
    equalizer (0.0.11)
    erubi (1.10.0)
    execjs (2.8.1)
    exifr (1.3.9)
    factory_bot (4.11.1)
      activesupport (>= 3.0.0)
    factory_bot_rails (4.11.1)
      factory_bot (~> 4.11.1)
      railties (>= 3.0.0)
    faraday (1.10.0)
      faraday-em_http (~> 1.0)
      faraday-em_synchrony (~> 1.0)
      faraday-excon (~> 1.1)
      faraday-httpclient (~> 1.0)
      faraday-multipart (~> 1.0)
      faraday-net_http (~> 1.0)
      faraday-net_http_persistent (~> 1.0)
      faraday-patron (~> 1.0)
      faraday-rack (~> 1.0)
      faraday-retry (~> 1.0)
      ruby2_keywords (>= 0.0.4)
    faraday-em_http (1.0.0)
    faraday-em_synchrony (1.0.0)
    faraday-excon (1.1.0)
    faraday-httpclient (1.0.1)
    faraday-multipart (1.0.3)
      multipart-post (>= 1.2, < 3)
    faraday-net_http (1.0.1)
    faraday-net_http_persistent (1.2.0)
    faraday-patron (1.0.0)
    faraday-rack (1.0.0)
    faraday-retry (1.0.3)
    faraday_middleware (1.2.0)
      faraday (~> 1.0)
    ffi (1.15.5)
    ffi-compiler (1.0.1)
      ffi (>= 1.0.0)
      rake
    font-awesome-rails (4.7.0.8)
      railties (>= 3.2, < 8.0)
    gapic-common (0.8.0)
      faraday (~> 1.3)
      google-protobuf (~> 3.14)
      googleapis-common-protos (>= 1.3.11, < 2.a)
      googleapis-common-protos-types (>= 1.0.6, < 2.a)
      googleauth (>= 0.17.0, < 2.a)
      grpc (~> 1.36)
    globalid (1.0.0)
      activesupport (>= 5.0)
    google-cloud-core (1.6.0)
      google-cloud-env (~> 1.0)
      google-cloud-errors (~> 1.0)
    google-cloud-env (1.5.0)
      faraday (>= 0.17.3, < 2.0)
    google-cloud-errors (1.2.0)
    google-cloud-vision (1.1.3)
      google-cloud-core (~> 1.6)
      google-cloud-vision-v1 (>= 0.0, < 2.a)
      google-cloud-vision-v1p3beta1 (>= 0.0, < 2.a)
    google-cloud-vision-v1 (0.6.4)
      gapic-common (>= 0.7, < 2.a)
      google-cloud-errors (~> 1.0)
    google-cloud-vision-v1p3beta1 (0.5.5)
      gapic-common (>= 0.7, < 2.a)
      google-cloud-errors (~> 1.0)
    google-protobuf (3.19.4)
    googleapis-common-protos (1.3.12)
      google-protobuf (~> 3.14)
      googleapis-common-protos-types (~> 1.2)
      grpc (~> 1.27)
    googleapis-common-protos-types (1.3.0)
      google-protobuf (~> 3.14)
    googleauth (1.1.2)
      faraday (>= 0.17.3, < 3.a)
      jwt (>= 1.4, < 3.0)
      memoist (~> 0.16)
      multi_json (~> 1.11)
      os (>= 0.9, < 2.0)
      signet (>= 0.16, < 2.a)
    grpc (1.43.1)
      google-protobuf (~> 3.18)
      googleapis-common-protos-types (~> 1.0)
    haml (5.2.2)
      temple (>= 0.8.0)
      tilt
    http (4.4.1)
      addressable (~> 2.3)
      http-cookie (~> 1.0)
      http-form_data (~> 2.2)
      http-parser (~> 1.2.0)
    http-cookie (1.0.4)
      domain_name (~> 0.5)
    http-form_data (2.3.0)
    http-parser (1.2.3)
      ffi-compiler (>= 1.0, < 2.0)
    http_parser.rb (0.6.0)
    httparty (0.20.0)
      mime-types (~> 3.0)
      multi_xml (>= 0.5.2)
    i18n (1.10.0)
      concurrent-ruby (~> 1.0)
    image_processing (1.12.1)
      mini_magick (>= 4.9.5, < 5)
      ruby-vips (>= 2.0.17, < 3)
    jbuilder (2.11.5)
      actionview (>= 5.0.0)
      activesupport (>= 5.0.0)
    jmespath (1.6.0)
    jquery-rails (4.4.0)
      rails-dom-testing (>= 1, < 3)
      railties (>= 4.2.0)
      thor (>= 0.14, < 2.0)
    jsonapi-renderer (0.2.2)
    jwt (2.3.0)
    kaminari (1.2.2)
      activesupport (>= 4.1.0)
      kaminari-actionview (= 1.2.2)
      kaminari-activerecord (= 1.2.2)
      kaminari-core (= 1.2.2)
    kaminari-actionview (1.2.2)
      actionview
      kaminari-core (= 1.2.2)
    kaminari-activerecord (1.2.2)
      activerecord
      kaminari-core (= 1.2.2)
    kaminari-core (1.2.2)
    libv8-node (15.14.0.1)
    listen (3.1.5)
      rb-fsevent (~> 0.9, >= 0.9.4)
      rb-inotify (~> 0.9, >= 0.9.7)
      ruby_dep (~> 1.2)
    loofah (2.14.0)
      crass (~> 1.0.2)
      nokogiri (>= 1.5.9)
    mail (2.7.1)
      mini_mime (>= 0.1.1)
    marcel (1.0.2)
    memoist (0.16.2)
    memoizable (0.4.2)
      thread_safe (~> 0.3, >= 0.3.1)
    method_source (1.0.0)
    mime-types (3.4.1)
      mime-types-data (~> 3.2015)
    mime-types-data (3.2022.0105)
    mimemagic (0.3.10)
      nokogiri (~> 1)
      rake
    mini_magick (4.11.0)
    mini_mime (1.1.2)
    mini_portile2 (2.8.0)
    mini_racer (0.4.0)
      libv8-node (~> 15.14.0.0)
    minitest (5.15.0)
    multi_json (1.15.0)
    multi_xml (0.6.0)
    multipart-post (2.1.1)
    naught (1.1.0)
    net-http-persistent (4.0.1)
      connection_pool (~> 2.2)
    newrelic_rpm (8.5.0)
    nio4r (2.5.8)
    nokogiri (1.13.3)
      mini_portile2 (~> 2.8.0)
      racc (~> 1.4)
    orm_adapter (0.5.0)
    os (1.1.4)
    paperclip (6.1.0)
      activemodel (>= 4.2.0)
      activesupport (>= 4.2.0)
      mime-types
      mimemagic (~> 0.3.0)
      terrapin (~> 0.6.0)
    pg (1.3.3)
    pry (0.14.1)
      coderay (~> 1.1)
      method_source (~> 1.0)
    public_suffix (4.0.6)
    puma (4.3.11)
      nio4r (~> 2.0)
    racc (1.6.0)
    rack (2.2.3)
    rack-attack (6.6.0)
      rack (>= 1.0, < 3)
    rack-proxy (0.7.2)
      rack
    rack-test (1.1.0)
      rack (>= 1.0, < 3)
    rails (6.1.4.6)
      actioncable (= 6.1.4.6)
      actionmailbox (= 6.1.4.6)
      actionmailer (= 6.1.4.6)
      actionpack (= 6.1.4.6)
      actiontext (= 6.1.4.6)
      actionview (= 6.1.4.6)
      activejob (= 6.1.4.6)
      activemodel (= 6.1.4.6)
      activerecord (= 6.1.4.6)
      activestorage (= 6.1.4.6)
      activesupport (= 6.1.4.6)
      bundler (>= 1.15.0)
      railties (= 6.1.4.6)
      sprockets-rails (>= 2.0.0)
    rails-controller-testing (1.0.5)
      actionpack (>= 5.0.1.rc1)
      actionview (>= 5.0.1.rc1)
      activesupport (>= 5.0.1.rc1)
    rails-dom-testing (2.0.3)
      activesupport (>= 4.2.0)
      nokogiri (>= 1.6)
    rails-html-sanitizer (1.4.2)
      loofah (~> 2.3)
    railties (6.1.4.6)
      actionpack (= 6.1.4.6)
      activesupport (= 6.1.4.6)
      method_source
      rake (>= 0.13)
      thor (~> 1.0)
    rainbow (3.1.1)
    rake (13.0.6)
    rb-fsevent (0.11.1)
    rb-inotify (0.10.1)
      ffi (~> 1.0)
    react_on_rails (11.2.1)
      addressable
      connection_pool
      execjs (~> 2.5)
      rails (>= 3.2)
      rainbow (~> 3.0)
    rearmed (2.0.1)
    redis (4.6.0)
    responders (3.0.1)
      actionpack (>= 5.0)
      railties (>= 5.0)
    rexml (3.2.5)
    rspec (3.11.0)
      rspec-core (~> 3.11.0)
      rspec-expectations (~> 3.11.0)
      rspec-mocks (~> 3.11.0)
    rspec-core (3.11.0)
      rspec-support (~> 3.11.0)
    rspec-expectations (3.11.0)
      diff-lcs (>= 1.2.0, < 2.0)
      rspec-support (~> 3.11.0)
    rspec-mocks (3.11.0)
      diff-lcs (>= 1.2.0, < 2.0)
      rspec-support (~> 3.11.0)
    rspec-rails (5.1.0)
      actionpack (>= 5.2)
      activesupport (>= 5.2)
      railties (>= 5.2)
      rspec-core (~> 3.10)
      rspec-expectations (~> 3.10)
      rspec-mocks (~> 3.10)
      rspec-support (~> 3.10)
    rspec-support (3.11.0)
    rspec_junit_formatter (0.2.3)
      builder (< 4)
      rspec-core (>= 2, < 4, != 2.12.0)
    ruby-vips (2.1.4)
      ffi (~> 1.12)
    ruby2_keywords (0.0.5)
    ruby_dep (1.5.0)
    rubyzip (2.3.2)
    sass (3.7.4)
      sass-listen (~> 4.0.0)
    sass-listen (4.0.0)
      rb-fsevent (~> 0.9, >= 0.9.4)
      rb-inotify (~> 0.9, >= 0.9.7)
    sass-rails (5.1.0)
      railties (>= 5.2.0)
      sass (~> 3.1)
      sprockets (>= 2.8, < 4.0)
      sprockets-rails (>= 2.0, < 4.0)
      tilt (>= 1.1, < 3)
    selenium-webdriver (4.1.0)
      childprocess (>= 0.5, < 5.0)
      rexml (~> 3.2, >= 3.2.5)
      rubyzip (>= 1.2.2)
    semantic_range (3.0.0)
    shoulda (4.0.0.rc2)
      shoulda-context (= 2.0.0.rc4)
      shoulda-matchers (~> 4.0)
    shoulda-context (2.0.0.rc4)
    shoulda-matchers (4.5.1)
      activesupport (>= 4.2.0)
    sidekiq (6.4.1)
      connection_pool (>= 2.2.2)
      rack (~> 2.0)
      redis (>= 4.2.0)
    signet (0.16.1)
      addressable (~> 2.8)
      faraday (>= 0.17.5, < 3.0)
      jwt (>= 1.5, < 3.0)
      multi_json (~> 1.10)
    simple_oauth (0.3.1)
    smart_listing (1.2.3)
      coffee-rails
      jquery-rails
      kaminari (>= 0.17)
      rails (>= 3.2)
    spring (2.1.1)
    spring-watcher-listen (2.0.1)
      listen (>= 2.7, < 4.0)
      spring (>= 1.2, < 3.0)
    sprockets (3.7.2)
      concurrent-ruby (~> 1.0)
      rack (> 1, < 3)
    sprockets-rails (3.4.2)
      actionpack (>= 5.2)
      activesupport (>= 5.2)
      sprockets (>= 3.0.0)
    temple (0.8.2)
    terrapin (0.6.0)
      climate_control (>= 0.0.3, < 1.0)
    thor (1.2.1)
    thread_safe (0.3.6)
    tilt (2.0.10)
    timecop (0.9.4)
    turbolinks (5.2.1)
      turbolinks-source (~> 5.2)
    turbolinks-source (5.2.0)
    twitter (7.0.0)
      addressable (~> 2.3)
      buftok (~> 0.2.0)
      equalizer (~> 0.0.11)
      http (~> 4.0)
      http-form_data (~> 2.0)
      http_parser.rb (~> 0.6.0)
      memoizable (~> 0.4.0)
      multipart-post (~> 2.0)
      naught (~> 1.0)
      simple_oauth (~> 0.3.0)
    tzinfo (2.0.4)
      concurrent-ruby (~> 1.0)
    uglifier (4.2.0)
      execjs (>= 0.3.0, < 3)
    unf (0.1.4)
      unf_ext
    unf_ext (0.0.8)
    uniform_notifier (1.14.2)
    warden (1.2.9)
      rack (>= 2.0.9)
    web-console (4.2.0)
      actionview (>= 6.0.0)
      activemodel (>= 6.0.0)
      bindex (>= 0.4.0)
      railties (>= 6.0.0)
    webpacker (5.4.3)
      activesupport (>= 5.2)
      rack-proxy (>= 0.6.1)
      railties (>= 5.2)
      semantic_range (>= 2.3.0)
    websocket-driver (0.7.5)
      websocket-extensions (>= 0.1.0)
    websocket-extensions (0.1.5)
    zeitwerk (2.5.4)

PLATFORMS
  ruby

DEPENDENCIES
  active_model_serializers
  acts-as-taggable-on
  api-pagination
  aws-sdk-s3
  azure-storage-blob
  bigdecimal (= 1.3.5)
  bullet
  byebug
  coffee-rails (~> 5.0)
  database_cleaner (~> 2.0)
  devise
  dotenv-rails
  exifr
  factory_bot
  factory_bot_rails (~> 4.0)
  font-awesome-rails (~> 4.5)
  google-cloud-vision
  haml (~> 5.0, >= 5.0.1)
  httparty
  image_processing
  jbuilder (~> 2.5)
  jquery-rails
  kaminari
  listen (>= 3.0.5, < 3.2)
  mini_magick
  mini_racer (~> 0.4.0)
  newrelic_rpm
  paperclip
  pg
  pry
  puma (~> 4.3.6)
  rack-attack
  rails (~> 6.1)
  rails-controller-testing
  react_on_rails (= 11.2.1)
  rearmed
  rspec
  rspec-rails
  rspec_junit_formatter (~> 0.2.3)
  rubyzip
  sass-rails (~> 5.0)
  selenium-webdriver
  shoulda (= 4.0.0.rc2)
  shoulda-matchers (~> 4.0)
  sidekiq
  smart_listing
  spring
  spring-watcher-listen (~> 2.0.0)
  timecop
  turbolinks (~> 5)
  twitter
  tzinfo-data
  uglifier (>= 1.3.0)
  web-console (>= 3.3.0)
  webpacker (~> 5.0)

RUBY VERSION
   ruby 2.7.1p83

BUNDLED WITH
   2.1.4
